GEM
  remote: https://rubygems.org/
  specs:
    power_assert (0.3.1)
    test-unit (3.2.1)
      power_assert

PLATFORMS
  ruby

DEPENDENCIES
  test-unit

RUBY VERSION
   ruby 2.2.3p173

BUNDLED WITH
   1.12.5
